GEM
  remote: http://rubygems.org/
  specs:
    closure-compiler (0.3.3)
    fewer (0.2.0)
      rack
    rack (1.2.1)

PLATFORMS
  ruby

DEPENDENCIES
  closure-compiler
  fewer
